GEM
  remote: https://rubygems.org/
  specs:
    activesupport (5.2.6)
      concurrent-ruby (~> 1.0, >= 1.0.2)
      i18n (>= 0.7, < 2)
      minitest (~> 5.1)
      tzinfo (~> 1.1)
    chunky_png (1.4.0)
    coderay (1.1.3)
    compass (1.0.3)
      chunky_png (~> 1.2)
      compass-core (~> 1.0.2)
      compass-import-once (~> 1.0.5)
      rb-fsevent (>= 0.9.3)
      rb-inotify (>= 0.9)
      sass (>= 3.3.13, < 3.5)
    compass-core (1.0.3)
      multi_json (~> 1.0)
      sass (>= 3.3.0, < 3.5)
    compass-import-once (1.0.5)
      sass (>= 3.2, < 3.5)
    concurrent-ruby (1.1.8)
    diff-lcs (1.4.4)
    execjs (2.8.1)
    ffi (1.15.0)
    guess_html_encoding (0.0.11)
    i18n (1.8.10)
      concurrent-ruby (~> 1.0)
    method_source (1.0.0)
    mini_portile2 (2.5.1)
    minitest (5.14.4)
    multi_json (1.15.0)
    mustermann (1.1.1)
      ruby2_keywords (~> 0.0.1)
    nio4r (2.5.7)
    nokogiri (1.11.4)
      mini_portile2 (~> 2.5.0)
      racc (~> 1.4)
    pry (0.14.1)
      coderay (~> 1.1)
      method_source (~> 1.0)
    puma (5.3.2)
      nio4r (~> 2.0)
    racc (1.5.2)
    rack (2.2.3)
    rack-protection (2.1.0)
      rack
    rack-test (1.1.0)
      rack (>= 1.0, < 3)
    rake (13.0.3)
    rb-fsevent (0.11.0)
    rb-inotify (0.10.1)
      ffi (~> 1.0)
    rspec (3.10.0)
      rspec-core (~> 3.10.0)
      rspec-expectations (~> 3.10.0)
      rspec-mocks (~> 3.10.0)
    rspec-core (3.10.1)
      rspec-support (~> 3.10.0)
    rspec-expectations (3.10.1)
      diff-lcs (>= 1.2.0, < 2.0)
      rspec-support (~> 3.10.0)
    rspec-mocks (3.10.2)
      diff-lcs (>= 1.2.0, < 2.0)
      rspec-support (~> 3.10.0)
    rspec-support (3.10.2)
    ruby-readability (0.7.0)
      guess_html_encoding (>= 0.0.4)
      nokogiri (>= 1.6.0)
    ruby2_keywords (0.0.4)
    sass (3.4.25)
    sassc (2.4.0)
      ffi (~> 1.9)
    sinatra (2.1.0)
      mustermann (~> 1.0)
      rack (~> 2.2)
      rack-protection (= 2.1.0)
      tilt (~> 2.0)
    sinatra-cache (0.3.7)
      sinatra (>= 1.1.0)
      sinatra-outputbuffer (>= 0.1.0)
    sinatra-contrib (2.1.0)
      multi_json
      mustermann (~> 1.0)
      rack-protection (= 2.1.0)
      sinatra (= 2.1.0)
      tilt (~> 2.0)
    sinatra-outputbuffer (0.1.0)
      sinatra (>= 1.0.a)
    slim (4.1.0)
      temple (>= 0.7.6, < 0.9)
      tilt (>= 2.0.6, < 2.1)
    sprockets (4.0.2)
      concurrent-ruby (~> 1.0)
      rack (> 1, < 3)
    sprockets-helpers (1.4.0)
      sprockets (>= 2.2)
    temple (0.8.2)
    thread_safe (0.3.6)
    tilt (2.0.10)
    tzinfo (1.2.9)
      thread_safe (~> 0.1)
    uglifier (4.2.0)
      execjs (>= 0.3.0, < 3)

PLATFORMS
  ruby

DEPENDENCIES
  activesupport (~> 5.0, >= 5.0.0.1)
  compass
  nokogiri
  pry
  puma
  rack-test
  rake
  rspec
  ruby-readability
  sass (~> 3.4.25)
  sassc
  sinatra
  sinatra-cache
  sinatra-contrib
  slim
  sprockets
  sprockets-helpers
  uglifier

BUNDLED WITH
   2.1.4
